PATH
  remote: .
  specs:
    rdf-elasticsearch ()
      elasticsearch
      elasticsearch-dsl
      rdf

GEM
  remote: https://rubygems.org/
  specs:
    addressable (2.5.0)
      public_suffix (~> 2.0, >= 2.0.2)
    binding_of_caller (0.7.2)
      debug_inspector (>= 0.0.1)
    coderay (1.1.1)
    concurrent-ruby (1.0.4)
    crack (0.4.3)
      safe_yaml (~> 1.0.0)
    debug_inspector (0.0.2)
    diff-lcs (1.3)
    elasticsearch (5.0.3)
      elasticsearch-api (= 5.0.3)
      elasticsearch-transport (= 5.0.3)
    elasticsearch-api (5.0.3)
      multi_json
    elasticsearch-dsl (0.1.5)
    elasticsearch-transport (5.0.3)
      faraday
      multi_json
    faraday (0.11.0)
      multipart-post (>= 1.2, < 3)
    hamster (3.0.0)
      concurrent-ruby (~> 1.0)
    hashdiff (0.3.2)
    interception (0.5)
    link_header (0.0.8)
    method_source (0.8.2)
    multi_json (1.12.1)
    multipart-post (2.0.0)
    pry (0.10.4)
      coderay (~> 1.1.0)
      method_source (~> 0.8.1)
      slop (~> 3.4)
    pry-rescue (1.4.5)
      interception (>= 0.5)
      pry
    pry-stack_explorer (0.4.9.2)
      binding_of_caller (>= 0.7)
      pry (>= 0.9.11)
    public_suffix (2.0.5)
    rdf (2.2.3)
      hamster (~> 3.0)
      link_header (~> 0.0, >= 0.0.8)
    rdf-isomorphic (2.0.0)
      rdf (~> 2.0)
    rdf-spec (2.2.0)
      rdf (~> 2.2)
      rdf-isomorphic (~> 2.0)
      rspec (~> 3.5)
      rspec-its (~> 1.0)
      webmock (~> 2.3)
    rspec (3.5.0)
      rspec-core (~> 3.5.0)
      rspec-expectations (~> 3.5.0)
      rspec-mocks (~> 3.5.0)
    rspec-core (3.5.4)
      rspec-support (~> 3.5.0)
    rspec-expectations (3.5.0)
      diff-lcs (>= 1.2.0, < 2.0)
      rspec-support (~> 3.5.0)
    rspec-its (1.2.0)
      rspec-core (>= 3.0.0)
      rspec-expectations (>= 3.0.0)
    rspec-mocks (3.5.0)
      diff-lcs (>= 1.2.0, < 2.0)
      rspec-support (~> 3.5.0)
    rspec-support (3.5.0)
    safe_yaml (1.0.4)
    slop (3.6.0)
    webmock (2.3.2)
      addressable (>= 2.3.6)
      crack (>= 0.3.2)
      hashdiff
    yard (0.9.8)

PLATFORMS
  ruby

DEPENDENCIES
  pry
  pry-rescue
  pry-stack_explorer
  rdf-elasticsearch!
  rdf-spec
  rspec
  rspec-its
  yard

BUNDLED WITH
   1.14.5
